GIT
  remote: git://github.com/PoseBiz/stretcher.git
  revision: 2fa7ddb5665ecec9ea307bc2d4ebb9c7864ac58a
  specs:
    stretcher (1.7.3)
      faraday (~> 0.8)
      faraday_middleware (~> 0.9.0)
      hashie (~> 1.2.0)
      net-http-persistent (~> 2.8)

GIT
  remote: git://github.com/mperham/sidekiq.git
  revision: 17283909fd699ac9d6c882e3f86f2fc004feb523
  specs:
    sidekiq (2.10.0)
      celluloid (~> 0.12.0)
      connection_pool (~> 1.0)
      i18n
      multi_json (~> 1)
      redis (~> 3)
      redis-namespace
      sinatra
      slim

GIT
  remote: git://github.com/nviennot/rugged.git
  revision: cfc015d7fffb692afc4f60aadd40b36401125f0c
  branch: development
  submodules: true
  specs:
    rugged (0.17.0.b8)

GIT
  remote: https://github.com/nviennot/protobuf.git
  revision: 06871a5a50b5d49fb4e3f6df3b1ee11aca39b676
  branch: dev
  specs:
    protobuf (2.7.7)
      activesupport
      ffi
      multi_json
      thor

GIT
  remote: https://github.com/seyhunak/twitter-bootstrap-rails.git
  revision: 98366d05f29e3a920db62540512fb586fc144fa5
  specs:
    twitter-bootstrap-rails (2.2.6)
      actionpack (>= 3.1)
      execjs
      railties (>= 3.1)

GEM
  remote: https://rubygems.org/
  specs:
    actionmailer (3.2.13)
      actionpack (= 3.2.13)
      mail (~> 2.5.3)
    actionpack (3.2.13)
      activemodel (= 3.2.13)
      activesupport (= 3.2.13)
      builder (~> 3.0.0)
      erubis (~> 2.7.0)
      journey (~> 1.0.4)
      rack (~> 1.4.5)
      rack-cache (~> 1.2)
      rack-test (~> 0.6.1)
      sprockets (~> 2.2.1)
    activemodel (3.2.13)
      activesupport (= 3.2.13)
      builder (~> 3.0.0)
    activerecord (3.2.13)
      activemodel (= 3.2.13)
      activesupport (= 3.2.13)
      arel (~> 3.0.2)
      tzinfo (~> 0.3.29)
    activeresource (3.2.13)
      activemodel (= 3.2.13)
      activesupport (= 3.2.13)
    activesupport (3.2.13)
      i18n (= 0.6.1)
      multi_json (~> 1.0)
    airbrake (3.1.11)
      activesupport
      builder
      json
    arel (3.0.2)
    builder (3.0.4)
    capistrano (2.14.2)
      highline
      net-scp (>= 1.0.0)
      net-sftp (>= 2.0.0)
      net-ssh (>= 2.0.14)
      net-ssh-gateway (>= 1.1.0)
    capistrano_colors (0.5.5)
    celluloid (0.12.4)
      facter (>= 1.6.12)
      timers (>= 1.0.0)
    coderay (1.0.9)
    coffee-rails (3.2.2)
      coffee-script (>= 2.2.0)
      railties (~> 3.2.0)
    coffee-script (2.2.0)
      coffee-script-source
      execjs
    coffee-script-source (1.6.2)
    commonjs (0.2.6)
    connection_pool (1.0.0)
    dotenv (0.7.0)
    erubis (2.7.0)
    execjs (1.4.0)
      multi_json (~> 1.0)
    facter (1.7.0)
    faraday (0.8.7)
      multipart-post (~> 1.1)
    faraday_middleware (0.9.0)
      faraday (>= 0.7.4, < 0.9)
    ffi (1.7.0)
    foreman (0.63.0)
      dotenv (>= 0.7)
      thor (>= 0.13.6)
    haml (4.0.2)
      tilt
    haml-rails (0.4)
      actionpack (>= 3.1, < 4.1)
      activesupport (>= 3.1, < 4.1)
      haml (>= 3.1, < 4.1)
      railties (>= 3.1, < 4.1)
    hashie (1.2.0)
    highline (1.6.18)
    hike (1.2.2)
    hiredis (0.4.5)
    i18n (0.6.1)
    journey (1.0.4)
    jquery-rails (2.2.1)
      railties (>= 3.0, < 5.0)
      thor (>= 0.14, < 2.0)
    json (1.7.7)
    kgio (2.8.0)
    less (2.3.1)
      commonjs (~> 0.2.6)
    less-rails (2.3.2)
      actionpack (>= 3.1)
      less (~> 2.3.1)
    libv8 (3.11.8.17)
    mail (2.5.3)
      i18n (>= 0.4.0)
      mime-types (~> 1.16)
      treetop (~> 1.4.8)
    middleware (0.1.0)
    mime-types (1.22)
    multi_json (1.7.2)
    multipart-post (1.2.0)
    net-http-persistent (2.8)
    net-scp (1.1.0)
      net-ssh (>= 2.6.5)
    net-sftp (2.1.1)
      net-ssh (>= 2.6.5)
    net-ssh (2.6.7)
    net-ssh-gateway (1.2.0)
      net-ssh (>= 2.6.5)
    oj (2.0.10)
    polyglot (0.3.3)
    rack (1.4.5)
    rack-cache (1.2)
      rack (>= 0.4)
    rack-protection (1.5.0)
      rack
    rack-ssl (1.3.3)
      rack
    rack-test (0.6.2)
      rack (>= 1.0)
    rails (3.2.13)
      actionmailer (= 3.2.13)
      actionpack (= 3.2.13)
      activerecord (= 3.2.13)
      activeresource (= 3.2.13)
      activesupport (= 3.2.13)
      bundler (~> 1.0)
      railties (= 3.2.13)
    railties (3.2.13)
      actionpack (= 3.2.13)
      activesupport (= 3.2.13)
      rack-ssl (~> 1.3.2)
      rake (>= 0.8.7)
      rdoc (~> 3.4)
      thor (>= 0.14.6, < 2.0)
    raindrops (0.10.0)
    rake (10.0.4)
    rdoc (3.12.2)
      json (~> 1.4)
    redis (3.0.3)
    redis-namespace (1.2.1)
      redis (~> 3.0.0)
    ref (1.0.4)
    rvm-capistrano (1.3.0)
      capistrano (>= 2.0.0)
    sass (3.2.7)
    sass-rails (3.2.6)
      railties (~> 3.2.0)
      sass (>= 3.1.10)
      tilt (~> 1.3)
    sinatra (1.3.6)
      rack (~> 1.4)
      rack-protection (~> 1.3)
      tilt (~> 1.3, >= 1.3.3)
    slim (1.3.8)
      temple (~> 0.6.3)
      tilt (~> 1.3.3)
    sprockets (2.2.2)
      hike (~> 1.2)
      multi_json (~> 1.0)
      rack (~> 1.0)
      tilt (~> 1.1, != 1.3.0)
    statsd-instrument (1.5.0)
    temple (0.6.3)
    therubyracer (0.11.4)
      libv8 (~> 3.11.8.12)
      ref
    thor (0.18.1)
    tilt (1.3.7)
    timers (1.1.0)
    treetop (1.4.12)
      polyglot
      polyglot (>= 0.3.1)
    tzinfo (0.3.37)
    uglifier (2.0.1)
      execjs (>= 0.3.0)
      multi_json (~> 1.0, >= 1.0.2)
    unicorn (4.6.2)
      kgio (~> 2.6)
      rack
      raindrops (~> 0.7)
    will_paginate (3.0.4)

PLATFORMS
  ruby

DEPENDENCIES
  airbrake
  capistrano
  capistrano_colors
  coderay
  coffee-rails (~> 3.2.1)
  faraday
  faraday_middleware
  foreman
  haml-rails
  hashie
  hiredis
  jquery-rails
  less-rails
  middleware
  multi_json
  oj
  protobuf!
  rails
  redis
  rugged!
  rvm-capistrano
  sass-rails (~> 3.2.3)
  sidekiq!
  sinatra
  slim
  statsd-instrument
  stretcher!
  therubyracer
  twitter-bootstrap-rails!
  uglifier (>= 1.0.3)
  unicorn
  will_paginate
